GEM
  remote: http://rubygems.org/
  specs:
    chipmunk (5.2.2)
    gosu (0.7.25)

PLATFORMS
  ruby

DEPENDENCIES
  chipmunk (= 5.2.2)
  gosu (= 0.7.25)
